PATH
  remote: .
  specs:
    jasmine-headless-webkit (0.1.1)
      coffee-script
      jasmine
      rainbow

GEM
  remote: http://rubygems.org/
  specs:
    ZenTest (4.5.0)
    autotest (4.4.6)
      ZenTest (>= 4.4.1)
    childprocess (0.1.8)
      ffi (~> 1.0.6)
    coffee-script (2.2.0)
      coffee-script-source
      execjs
    coffee-script-source (1.1.0)
    diff-lcs (1.1.2)
    execjs (0.3.3)
      multi_json (~> 1.0)
    fakefs (0.3.2)
    ffi (1.0.7)
      rake (>= 0.8.7)
    jasmine (1.0.2.0)
      coffee-script-source
      json_pure (>= 1.4.3)
      rack (>= 1.1)
      rspec (>= 1.3.1)
      selenium-webdriver (>= 0.1.3)
    json_pure (1.5.1)
    multi_json (1.0.1)
    rack (1.2.2)
    rainbow (1.1.1)
    rake (0.8.7)
    rspec (2.5.0)
      rspec-core (~> 2.5.0)
      rspec-expectations (~> 2.5.0)
      rspec-mocks (~> 2.5.0)
    rspec-core (2.5.1)
    rspec-expectations (2.5.0)
      diff-lcs (~> 1.1.2)
    rspec-mocks (2.5.0)
    rubyzip (0.9.4)
    selenium-webdriver (0.2.0)
      childprocess (>= 0.1.7)
      ffi (>= 1.0.7)
      json_pure
      rubyzip

PLATFORMS
  ruby

DEPENDENCIES
  autotest
  fakefs
  jasmine-headless-webkit!
  rspec
